GEM
  remote: https://rubygems.org/
  specs:
    autostacker24 (2.7.0)
      aws-sdk-core (~> 2)
      json (~> 2.0)
      json_pure (~> 2.0)
    aws-sdk (2.10.48)
      aws-sdk-resources (= 2.10.48)
    aws-sdk-core (2.10.48)
      aws-sigv4 (~> 1.0)
      jmespath (~> 1.0)
    aws-sdk-resources (2.10.48)
      aws-sdk-core (= 2.10.48)
    aws-sigv4 (1.0.2)
    jmespath (1.3.1)
    json (2.1.0)
    json_pure (2.1.0)

PLATFORMS
  ruby

DEPENDENCIES
  autostacker24 (>= 2.7.0)
  aws-sdk (~> 2.5, >= 2.5.1)

BUNDLED WITH
   1.14.6
